GEM
  remote: https://rubygems.org/
  specs:
    algorithms (1.0.1)
    minitest (5.24.1)

PLATFORMS
  arm64-darwin-22
  ruby

DEPENDENCIES
  algorithms
  minitest

RUBY VERSION
   ruby 3.3.3p89

BUNDLED WITH
   2.5.11
